GEM
  remote: https://rubygems.org/
  specs:
    diff-lcs (1.3)
    gosu (0.13.3)
    gosu_texture_packer (0.1.8)
      gosu
      json
      rmagick
    gosu_tiled (0.1.1)
      gosu
      json
    json (2.1.0)
    perlin_noise (0.1.3)
    rake (12.3.1)
    rmagick (2.16.0)
    rspec (3.0.0)
      rspec-core (~> 3.0.0)
      rspec-expectations (~> 3.0.0)
      rspec-mocks (~> 3.0.0)
    rspec-core (3.0.4)
      rspec-support (~> 3.0.0)
    rspec-expectations (3.0.4)
      diff-lcs (>= 1.2.0, < 2.0)
      rspec-support (~> 3.0.0)
    rspec-mocks (3.0.4)
      rspec-support (~> 3.0.0)
    rspec-support (3.0.4)
    ruby-prof (0.17.0)

PLATFORMS
  ruby

DEPENDENCIES
  gosu
  gosu_texture_packer (~> 0.1.6)
  gosu_tiled
  perlin_noise
  rake
  rspec (~> 3.0.0)
  ruby-prof

BUNDLED WITH
   1.16.1
